PATH
  remote: vendor/tools/dbt
  specs:
    dbt (0.10.0.dev)

GEM
  remote: https://rubygems.org/
  specs:
    arrayfields (4.9.2)
    atoulme-Antwrap (0.7.5)
      rjb (>= 1.0.3)
    braid (1.0.3)
      main (>= 4.7.3)
      open4 (>= 1.0.1)
    builder (3.2.2)
    buildr (1.4.25)
      atoulme-Antwrap (= 0.7.5)
      builder (= 3.2.2)
      bundler
      diff-lcs (= 1.2.4)
      hoe (= 3.7.1)
      json_pure (= 1.8.0)
      minitar (= 0.5.4)
      net-sftp (= 2.1.2)
      net-ssh (= 2.7.0)
      orderedhash (= 0.0.6)
      rake (= 0.9.2.2)
      rjb (= 1.5.1)
      rubyzip (= 0.9.9)
      xml-simple (= 1.1.2)
    chronic (0.10.2)
    diff-lcs (1.2.4)
    fattr (2.3.0)
    hoe (3.7.1)
      rake (>= 0.8, < 11.0)
    json_pure (1.8.0)
    main (6.2.0)
      arrayfields (>= 4.7.4)
      chronic (>= 0.6.2)
      fattr (>= 2.2.0)
      map (>= 6.1.0)
    map (6.6.0)
    minitar (0.5.4)
    net-sftp (2.1.2)
      net-ssh (>= 2.6.5)
    net-ssh (2.7.0)
    open4 (1.3.4)
    orderedhash (0.0.6)
    pg (0.15.1)
    rake (0.9.2.2)
    rjb (1.5.1)
    rspec (2.14.1)
      rspec-core (~> 2.14.0)
      rspec-expectations (~> 2.14.0)
      rspec-mocks (~> 2.14.0)
    rspec-core (2.14.5)
    rspec-expectations (2.14.3)
      diff-lcs (>= 1.1.3, < 2.0)
    rspec-mocks (2.14.3)
    rubyzip (0.9.9)
    tiny_tds (0.6.2)
    xml-simple (1.1.2)

PLATFORMS
  ruby

DEPENDENCIES
  braid (= 1.0.3)
  buildr (= 1.4.25)
  dbt (= 0.10.0.dev)!
  pg (= 0.15.1)
  rspec (= 2.14.1)
  rspec-core (= 2.14.5)
  rspec-expectations (= 2.14.3)
  rspec-mocks (= 2.14.3)
  tiny_tds (= 0.6.2)

BUNDLED WITH
   1.11.2
